GEM
  remote: https://rubygems.org/
  specs:
    coderay (1.0.9)
    inifile (2.0.2)
    method_source (0.8.2)
    pry (0.9.12.2)
      coderay (~> 1.0.5)
      method_source (~> 0.8)
      slop (~> 3.4)
    rack (1.5.2)
    rack-protection (1.5.0)
      rack
    rb-readline (0.5.0)
    sinatra (1.4.3)
      rack (~> 1.4)
      rack-protection (~> 1.4)
      tilt (~> 1.3, >= 1.3.4)
    slim (2.0.1)
      temple (~> 0.6.6)
      tilt (>= 1.3.3, < 2.1)
    slop (3.4.6)
    temple (0.6.6)
    tilt (1.4.1)

PLATFORMS
  ruby

DEPENDENCIES
  inifile
  pry
  rb-readline
  sinatra
  slim
